PATH
  remote: .
  specs:
    propeller (0.0.3)

GEM
  remote: https://rubygems.org/
  specs:
    diff-lcs (1.2.5)
    httparty (0.12.0)
      json (~> 1.8)
      multi_xml (>= 0.5.2)
    json (1.8.1-java)
    multi_xml (0.5.5)
    parallel (1.0.0)
    rake (10.1.1)
    rspec (2.14.1)
      rspec-core (~> 2.14.0)
      rspec-expectations (~> 2.14.0)
      rspec-mocks (~> 2.14.0)
    rspec-core (2.14.7)
    rspec-expectations (2.14.4)
      diff-lcs (>= 1.1.3, < 2.0)
    rspec-mocks (2.14.4)

PLATFORMS
  java

DEPENDENCIES
  bundler (~> 1.3)
  httparty
  parallel (~> 1.0.0)
  propeller!
  rake
  rspec
  rspec-core
